GEM
  remote: https://rubygems.org/
  specs:
    nwn-lib (0.6.0)
    parallel (0.7.1)

PLATFORMS
  ruby

DEPENDENCIES
  nwn-lib (~> 0.6.0)
  parallel
